PATH
  remote: .
  specs:
    sensu-plugins-sensu-plugins-github (0.0.1.alpha.2)
      json (= 1.8.2)
      rest-client (= 1.8.0)
      sensu-plugin (= 1.1.0)

GEM
  remote: https://rubygems.org/
  specs:
    ast (2.0.0)
    codeclimate-test-reporter (0.4.7)
      simplecov (>= 0.7.1, < 1.0.0)
    coderay (1.1.0)
    diff-lcs (1.2.5)
    docile (1.1.5)
    domain_name (0.5.23)
      unf (>= 0.0.5, < 1.0.0)
    github-markup (1.3.3)
    http-cookie (1.0.2)
      domain_name (~> 0.5)
    json (1.8.2)
    method_source (0.8.2)
    mime-types (2.4.3)
    mixlib-cli (1.5.0)
    multi_json (1.11.0)
    netrc (0.10.3)
    parser (2.1.9)
      ast (>= 1.1, < 3.0)
      slop (~> 3.4, >= 3.4.5)
    powerpack (0.0.9)
    pry (0.10.1)
      coderay (~> 1.1.0)
      method_source (~> 0.8.1)
      slop (~> 3.4)
    rainbow (1.99.2)
    rake (10.4.2)
    redcarpet (3.2.2)
    rest-client (1.8.0)
      http-cookie (>= 1.0.2, < 2.0)
      mime-types (>= 1.16, < 3.0)
      netrc (~> 0.7)
    rspec (3.2.0)
      rspec-core (~> 3.2.0)
      rspec-expectations (~> 3.2.0)
      rspec-mocks (~> 3.2.0)
    rspec-core (3.2.2)
      rspec-support (~> 3.2.0)
    rspec-expectations (3.2.0)
      diff-lcs (>= 1.2.0, < 2.0)
      rspec-support (~> 3.2.0)
    rspec-mocks (3.2.1)
      diff-lcs (>= 1.2.0, < 2.0)
      rspec-support (~> 3.2.0)
    rspec-support (3.2.2)
    rubocop (0.17.0)
      json (~> 1.8)
      parser (~> 2.1.3)
      powerpack (~> 0.0.6)
      rainbow (~> 1.99.1)
    sensu-plugin (1.1.0)
      json
      mixlib-cli (>= 1.1.0)
    simplecov (0.9.2)
      docile (~> 1.1.0)
      multi_json (~> 1.0)
      simplecov-html (~> 0.9.0)
    simplecov-html (0.9.0)
    slop (3.6.0)
    unf (0.1.4)
      unf_ext
    unf_ext (0.0.6)
    yard (0.8.7.6)

PLATFORMS
  ruby

DEPENDENCIES
  bundler (~> 1.7)
  codeclimate-test-reporter (~> 0.4)
  github-markup (~> 1.3)
  pry (~> 0.10)
  rake (~> 10.0)
  redcarpet (~> 3.2)
  rspec (~> 3.1)
  rubocop (= 0.17.0)
  sensu-plugins-sensu-plugins-github!
  yard (~> 0.8)
